GEM
  remote: https://rubygems.org/
  specs:
    rack (2.0.5)
    ruby (2.4.4)

PLATFORMS
  ruby

DEPENDENCIES
  rack

BUNDLED WITH
   1.16.1
